GEM
  remote: https://rubygems.org/
  specs:
    bcrypt (3.1.16)

PLATFORMS
  x86_64-darwin-20

DEPENDENCIES
  bcrypt

BUNDLED WITH
   2.2.21
